GEM
  remote: https://rubygems.org/
  specs:
    base64 (0.1.1)
    ffi (1.15.5)
    json (2.6.3)
    matrix (0.4.2)
    minitest (5.18.0)
    rbnacl (7.1.1)
      ffi
    yaml (0.2.1)

PLATFORMS
  x86_64-darwin-21

DEPENDENCIES
  base64
  json
  matrix
  minitest
  rbnacl
  yaml

BUNDLED WITH
   2.3.8
